GEM
  remote: http://rubygems.org/
  specs:
    addressable (2.2.4)
    doodle (0.2.3)
    fakeweb (1.3.0)
    json_pure (1.5.1)
    mocha (0.9.12)
    nokogiri (1.4.4)
    rack (1.2.1)
    rack-test (0.5.7)
      rack (>= 1.0)
    rake (0.8.7)
    rcov (0.9.9)
    rdf (0.3.1)
      addressable (>= 2.2)
    rdf-json (0.3.0)
      json_pure (>= 1.4.2)
      rdf (~> 0.3.0)
    rdf-n3 (0.3.1.1)
      rdf (>= 0.3.1)
    rdf-rdfa (0.3.1.2)
      nokogiri (>= 1.3.3)
      rdf (>= 0.3.1)
    rdf-rdfxml (0.3.2.1)
      nokogiri (>= 1.4.4)
      rdf (>= 0.3.1)
    rdf-trix (0.3.0)
      rdf (~> 0.3.0)
    rdiscount (1.6.8)
    rspec (1.3.1)
    shotgun (0.8)
      rack (>= 1.0)
    sinatra (1.1.3)
      rack (~> 1.1)
      tilt (>= 1.2.2, < 2.0)
    sinatra-content-for (0.2)
      sinatra
    tilt (1.2.2)

PLATFORMS
  ruby

DEPENDENCIES
  doodle
  fakeweb
  json_pure
  mocha
  nokogiri
  rack-test
  rake
  rcov
  rdf (>= 0.3.1)
  rdf-json
  rdf-n3
  rdf-rdfa
  rdf-rdfxml
  rdf-trix
  rdiscount
  rspec (= 1.3.1)
  shotgun
  sinatra
  sinatra-content-for
