GEM
  remote: http://rubygems.org/
  specs:
    addressable (2.2.4)
    doodle (0.2.3)
    emk-sinatra-url-for (0.2.1)
      sinatra (>= 0.9.1.1)
    fakeweb (1.3.0)
    haml (3.1.1)
    json_pure (1.5.1)
    mocha (0.9.12)
    nokogiri (1.4.4)
    rack (1.2.1)
    rack-test (0.5.7)
      rack (>= 1.0)
    rake (0.8.7)
    rcov (0.9.9)
    rdf (0.3.3)
      addressable (= 2.2.4)
    rdf-json (0.3.0)
      json_pure (>= 1.4.2)
      rdf (~> 0.3.0)
    rdf-turtle (0.0.4)
      rdf (>= 0.3.3)
    rdf-rdfa (0.3.3.2)
      addressable (= 2.2.4)
      haml (>= 3.0.0)
      nokogiri (>= 1.4.4)
      rdf (>= 0.3.3)
    rdf-rdfxml (0.3.3.1)
      nokogiri (>= 1.4.4)
      rdf (>= 0.3.3)
    rdf-trix (0.3.0)
      rdf (~> 0.3.0)
    rdiscount (1.6.8)
    rspec (1.3.1)
    shotgun (0.8)
      rack (>= 1.0)
    sinatra (1.2.6)
      rack (~> 1.1)
      tilt (>= 1.2.2, < 2.0)
    sinatra-content-for (0.2)
      sinatra
    tilt (1.3)

PLATFORMS
  ruby

DEPENDENCIES
  doodle
  emk-sinatra-url-for
  fakeweb
  json_pure
  mocha
  nokogiri
  rack-test
  rake
  rcov
  rdf (>= 0.3.1)
  rdf-json
  rdf-turtle
  rdf-rdfa
  rdf-rdfxml
  rdf-trix
  rdiscount
  rspec (= 1.3.1)
  shotgun
  sinatra
  sinatra-content-for
