GIT
  remote: git://github.com/bendiken/rdf.git
  revision: d933a978dfe877bbaa44886121679de45101c632
  specs:
    rdf (0.3.0)
      addressable (>= 2.2)

GEM
  remote: http://rubygems.org/
  specs:
    addressable (2.2.2)
    doodle (0.2.3)
    fakeweb (1.3.0)
    json_pure (1.4.6)
    mocha (0.9.10)
      rake
    nokogiri (1.4.4)
    rack (1.2.1)
    rack-test (0.5.7)
      rack (>= 1.0)
    rake (0.8.7)
    rcov (0.9.9)
    rdf-json (0.3.0)
      json_pure (>= 1.4.2)
      rdf (~> 0.3.0)
    rdf-n3 (0.3.0)
      rdf (>= 0.3.0)
    rdf-rdfa (0.3.0)
      nokogiri (>= 1.3.3)
      rdf (>= 0.3.0)
    rdf-rdfxml (0.3.0)
      nokogiri (>= 1.3.3)
      rdf (>= 0.3.0)
    rdf-trix (0.3.0)
      rdf (~> 0.3.0)
    rdiscount (1.6.5)
    rspec (1.3.1)
    shotgun (0.8)
      rack (>= 1.0)
    sinatra (1.1.2)
      rack (~> 1.1)
      tilt (~> 1.2)
    sinatra-content-for (0.2)
      sinatra
    tilt (1.2.1)

PLATFORMS
  ruby

DEPENDENCIES
  doodle
  fakeweb
  json_pure
  mocha
  nokogiri
  rack-test
  rake
  rcov
  rdf (>= 0.3.0)!
  rdf-json
  rdf-n3
  rdf-rdfa
  rdf-rdfxml
  rdf-trix
  rdiscount
  rspec (= 1.3.1)
  shotgun
  sinatra
  sinatra-content-for
